GEM
  remote: http://rubygems.org/
  specs:
    backports (3.3.3)
    dalli (2.6.4)
    eventmachine (1.0.3)
    json (1.7.5)
    kgio (2.7.4)
    memcache-client (1.8.5)
    mysql2 (0.3.11)
    puma (2.5.1)
      rack (>= 1.1, < 2.0)
    rack (1.4.1)
    rack-protection (1.2.0)
      rack
    rack-test (0.6.2)
      rack (>= 1.0)
    raindrops (0.10.0)
    redis (3.0.4)
    shotgun (0.9)
      rack (>= 1.0)
    sinatra (1.3.3)
      rack (~> 1.3, >= 1.3.6)
      rack-protection (~> 1.2)
      tilt (~> 1.3, >= 1.3.3)
    sinatra-contrib (1.3.2)
      backports (>= 2.0)
      eventmachine
      rack-protection
      rack-test
      sinatra (~> 1.3.0)
      tilt (~> 1.3)
    slim (1.3.3)
      temple (~> 0.5.5)
      tilt (~> 1.3.3)
    temple (0.5.5)
    tilt (1.3.3)
    unicorn (4.4.0)
      kgio (~> 2.6)
      rack
      raindrops (~> 0.7)

PLATFORMS
  ruby

DEPENDENCIES
  dalli
  json (= 1.7.5)
  memcache-client
  mysql2 (= 0.3.11)
  puma
  redis
  shotgun
  sinatra (= 1.3.3)
  sinatra-contrib
  slim (= 1.3.3)
  unicorn (= 4.4.0)
